GIT
  remote: https://github.com/chendo/tomato-api
  revision: 8511ef47a2ebb0edeb4711dbddc22947e3ea058b
  specs:
    tomato-api (0.1.0)
      json

GEM
  remote: https://rubygems.org/
  specs:
    dogstatsd-ruby (3.0.0)
    json (2.1.0)

PLATFORMS
  ruby

DEPENDENCIES
  dogstatsd-ruby
  tomato-api!

BUNDLED WITH
   1.13.7
